PATH
  remote: .
  specs:
    github_metadata (0.1.0)
      nokogiri

GEM
  remote: http://rubygems.org/
  specs:
    diff-lcs (1.1.2)
    nokogiri (1.4.4)
    rspec (2.4.0)
      rspec-core (~> 2.4.0)
      rspec-expectations (~> 2.4.0)
      rspec-mocks (~> 2.4.0)
    rspec-core (2.4.0)
    rspec-expectations (2.4.0)
      diff-lcs (~> 1.1.2)
    rspec-mocks (2.4.0)
    simplecov (0.3.7)
      simplecov-html (>= 0.3.7)
    simplecov-html (0.3.9)

PLATFORMS
  ruby

DEPENDENCIES
  github_metadata!
  nokogiri
  rspec (>= 2.0.0)
  simplecov
